GEM
  remote: https://rubygems.org/
  specs:
    jasmine (2.0.2)
      jasmine-core (~> 2.0.0)
      phantomjs
      rack (>= 1.2.1)
      rake
    jasmine-core (2.0.0)
    phantomjs (1.9.7.1)
    rack (2.0.3)
    rake (13.0.1)

PLATFORMS
  ruby

DEPENDENCIES
  jasmine

BUNDLED WITH
   1.15.4
